GEM
  remote: https://rubygems.org/
  specs:
    rack (1.6.13)
    sinatra (1.2.8)
      rack (~> 1.1)
      tilt (>= 1.2.2, < 2.0)
    tilt (1.4.1)

PLATFORMS
  ruby

DEPENDENCIES
  sinatra

BUNDLED WITH
   1.17.2
